NUGET
  remote: https://www.nuget.org/api/v2
    Castle.Core (3.3.3)
    Castle.Windsor (3.3)
      Castle.Core (>= 3.3)
    FSharp.Core (4.0.0.1) - redirects: force
    Microsoft.AspNet.Mvc (5.2.3)
      Microsoft.AspNet.Razor (>= 3.2.3 < 3.3)
      Microsoft.AspNet.WebPages (>= 3.2.3 < 3.3)
    Microsoft.AspNet.Razor (3.2.3)
    Microsoft.AspNet.WebPages (3.2.3)
      Microsoft.AspNet.Razor (>= 3.2.3 < 3.3)
      Microsoft.Web.Infrastructure (>= 1.0)
    Microsoft.Web.Infrastructure (1.0)
    Newtonsoft.Json (8.0.3)
    structuremap.web-signed (3.1.6.191)
    structuremap-signed (3.1.6.191)
  remote: http://nuget.episerver.com/feed/packages.svc
    EPiServer.CMS.Core (9.12.3)
      Castle.Core (>= 3.3.3 < 4.0)
      Castle.Windsor (>= 3.3 < 4.0)
      EPiServer.Framework (9.12.3)
    EPiServer.Framework (9.12.3)
      Microsoft.AspNet.Mvc (>= 4.0.20710 < 6.0)
      Newtonsoft.Json (>= 6.0.8 < 9.0)
      structuremap.web-signed (>= 3.1.6.186 < 4.0)
      structuremap-signed (>= 3.1.6.186 < 4.0)

GROUP Build
NUGET
  remote: https://www.nuget.org/api/v2
    FAKE (4.40.1)
    FSharp.Compiler.Service (2.0.0.6)
    FSharp.Formatting (2.14.4)
      FSharp.Compiler.Service (2.0.0.6)
      FSharpVSPowerTools.Core (>= 2.3 < 2.4)
    FSharpVSPowerTools.Core (2.3)
      FSharp.Compiler.Service (>= 2.0.0.3)
    Microsoft.Bcl (1.1.10) - framework: net10, net11, net20, net30, net35, net40, net40-full
      Microsoft.Bcl.Build (>= 1.0.14)
    Microsoft.Bcl.Build (1.0.21) - import_targets: false, framework: net10, net11, net20, net30, net35, net40, net40-full
    Microsoft.Net.Http (2.2.29) - framework: net10, net11, net20, net30, net35, net40, net40-full
      Microsoft.Bcl (>= 1.1.10)
      Microsoft.Bcl.Build (>= 1.0.14)
    Octokit (0.22)
      Microsoft.Net.Http  - framework: net10, net11, net20, net30, net35, net40, net40-full
    SourceLink.Fake (1.1)
GITHUB
  remote: fsharp/FAKE
    modules/Octokit/Octokit.fsx (d071e770b2edfe6c9c7242003b2939ad9d0e33a5)
      Octokit (>= 0.20)
GROUP Test
NUGET
  remote: https://www.nuget.org/api/v2
    FSharp.Core (4.0.0.1) - redirects: force
    NUnit (2.6.4)
    NUnit.Runners (2.6.4)
